GEM
  remote: https://rubygems.org/
  specs:
    activemodel (5.2.3)
      activesupport (= 5.2.3)
    activerecord (5.2.3)
      activemodel (= 5.2.3)
      activesupport (= 5.2.3)
      arel (>= 9.0)
    activesupport (5.2.3)
      concurrent-ruby (~> 1.0, >= 1.0.2)
      i18n (>= 0.7, < 2)
      minitest (~> 5.1)
      tzinfo (~> 1.1)
    arel (9.0.0)
    catpix (0.2.0)
      docopt (~> 0.5, >= 0.5.0)
      rmagick (~> 2.15, >= 2.15.2)
      ruby-terminfo (~> 0.1, >= 0.1.1)
      tco (~> 0.1, >= 0.1.8)
    coderay (1.1.2)
    concurrent-ruby (1.1.5)
    docopt (0.6.1)
    equatable (0.5.0)
    exifr (1.3.6)
    fspath (3.1.1)
    i18n (1.6.0)
      concurrent-ruby (~> 1.0)
    image_optim (0.26.4)
      exifr (~> 1.2, >= 1.2.2)
      fspath (~> 3.0)
      image_size (>= 1.5, < 3)
      in_threads (~> 1.3)
      progress (~> 3.0, >= 3.0.1)
    image_size (2.0.1)
    in_threads (1.5.2)
    lolcat (42.1.42)
      paint (~> 0.8.3)
      trollop (~> 1.16.2)
    lolize (0.0.3)
      paint (~> 0.8.3)
    method_source (0.9.2)
    minitest (5.11.3)
    mustermann (1.0.3)
    necromancer (0.5.0)
    paint (0.8.7)
    pastel (0.7.2)
      equatable (~> 0.5.0)
      tty-color (~> 0.4.0)
    progress (3.5.1)
    pry (0.12.2)
      coderay (~> 1.1.0)
      method_source (~> 0.9.0)
    rack (2.0.7)
    rack-protection (2.0.5)
      rack
    require_all (2.0.0)
    rmagick (2.16.0)
    ruby-terminfo (0.1.1)
    sinatra (2.0.5)
      mustermann (~> 1.0)
      rack (~> 2.0)
      rack-protection (= 2.0.5)
      tilt (~> 2.0)
    sinatra-activerecord (2.0.13)
      activerecord (>= 3.2)
      sinatra (>= 1.0)
    sqlite3 (1.4.1)
    tco (0.1.8)
    thread_safe (0.3.6)
    tilt (2.0.9)
    trollop (1.16.2)
    tty-color (0.4.3)
    tty-cursor (0.7.0)
    tty-prompt (0.19.0)
      necromancer (~> 0.5.0)
      pastel (~> 0.7.0)
      tty-reader (~> 0.6.0)
    tty-reader (0.6.0)
      tty-cursor (~> 0.7)
      tty-screen (~> 0.7)
      wisper (~> 2.0.0)
    tty-screen (0.7.0)
    tzinfo (1.2.5)
      thread_safe (~> 0.1)
    wisper (2.0.0)

PLATFORMS
  ruby

DEPENDENCIES
  catpix
  image_optim
  lolcat
  lolize
  pry
  require_all
  sinatra-activerecord
  sqlite3
  tty-prompt

BUNDLED WITH
   1.17.3
